GEM
  remote: http://rubygems.org/
  specs:
    activesupport (3.0.7)
    bonsai (1.3.2)
      activesupport
      activesupport (>= 2.3.5)
      builder
      builder (>= 2.1.2)
      i18n
      jeweler
      launchy
      launchy (>= 0.3.3)
      less
      less (>= 1.2.17)
      maruku
      maruku (>= 0.6.0)
      mustache (>= 0.5.0)
      mustache (~> 0.7.0)
      rack (>= 1.2.1)
      rspec (~> 2.3)
      sinatra
      sinatra (>= 0.9.4)
      tilt (>= 0.5)
      tilt (~> 0.9.0)
      watch
      watch (>= 0.1.0)
      yard
    builder (3.0.0)
    configuration (1.2.0)
    diff-lcs (1.1.2)
    git (1.2.5)
    i18n (0.5.0)
    jeweler (1.6.0)
      bundler (~> 1.0.0)
      git (>= 1.2.5)
      rake
    launchy (0.4.0)
      configuration (>= 0.0.5)
      rake (>= 0.8.1)
    less (1.2.21)
      mutter (>= 0.4.2)
      treetop (>= 1.4.2)
    maruku (0.6.0)
      syntax (>= 1.0.0)
    mustache (0.7.0)
    mutter (0.5.3)
    polyglot (0.3.1)
    rack (1.2.2)
    rake (0.8.7)
    rdiscount (1.6.8)
    rspec (2.6.0)
      rspec-core (~> 2.6.0)
      rspec-expectations (~> 2.6.0)
      rspec-mocks (~> 2.6.0)
    rspec-core (2.6.0)
    rspec-expectations (2.6.0)
      diff-lcs (~> 1.1.2)
    rspec-mocks (2.6.0)
    sinatra (1.0)
      rack (>= 1.0)
    syntax (1.0.0)
    tilt (0.9)
    treetop (1.4.9)
      polyglot (>= 0.3.1)
    watch (0.1.0)
    yard (0.6.8)

PLATFORMS
  ruby

DEPENDENCIES
  bonsai
  rdiscount
